PATH
  remote: .
  specs:
    advent (0.1.6)
      debug (~> 1.6)
      minitest (~> 5.0)
      rake (~> 13.0)
      thor (~> 1.2)

GEM
  remote: https://rubygems.org/
  specs:
    debug (1.6.3)
      irb (>= 1.3.6)
      reline (>= 0.3.1)
    io-console (0.5.11)
    irb (1.5.0)
      reline (>= 0.3.0)
    minitest (5.16.3)
    rake (13.0.6)
    reline (0.3.1)
      io-console (~> 0.5)
    thor (1.2.1)

PLATFORMS
  arm64-darwin-21
  ruby

DEPENDENCIES
  advent!

BUNDLED WITH
   2.3.22
